GEM
  remote: https://rubygems.org/
  specs:
    peck (0.2.0)

PLATFORMS
  ruby

DEPENDENCIES
  peck
